GEM
  remote: https://rubygems.org/
  specs:
    ast (2.3.0)
    coderay (1.1.1)
    diff-lcs (1.2.5)
    facter (2.4.6)
    hiera (1.3.4)
      json_pure
    json_pure (2.0.3)
    metaclass (0.0.4)
    method_source (0.8.2)
    mocha (1.2.1)
      metaclass (~> 0.0.1)
    multi_json (1.12.1)
    net-scp (1.2.1)
      net-ssh (>= 2.6.5)
    net-ssh (4.0.1)
    net-telnet (0.1.1)
    parser (2.3.3.1)
      ast (~> 2.2)
    powerpack (0.1.1)
    pry (0.10.4)
      coderay (~> 1.1.0)
      method_source (~> 0.8.1)
      slop (~> 3.4)
    puppet (3.8.7)
      facter (> 1.6, < 3)
      hiera (~> 1.0)
      json_pure
    puppet-lint (2.1.0)
    puppet-syntax (2.2.0)
      rake
    puppetlabs_spec_helper (1.2.2)
      mocha (~> 1.0)
      puppet-lint (~> 2.0)
      puppet-syntax (~> 2.0)
      rspec-puppet (~> 2.0)
    rainbow (2.2.1)
    rake (10.5.0)
    rspec (3.5.0)
      rspec-core (~> 3.5.0)
      rspec-expectations (~> 3.5.0)
      rspec-mocks (~> 3.5.0)
    rspec-core (3.5.4)
      rspec-support (~> 3.5.0)
    rspec-expectations (3.5.0)
      diff-lcs (>= 1.2.0, < 2.0)
      rspec-support (~> 3.5.0)
    rspec-its (1.2.0)
      rspec-core (>= 3.0.0)
      rspec-expectations (>= 3.0.0)
    rspec-mocks (3.5.0)
      diff-lcs (>= 1.2.0, < 2.0)
      rspec-support (~> 3.5.0)
    rspec-puppet (2.5.0)
      rspec
    rspec-support (3.5.0)
    rubocop (0.46.0)
      parser (>= 2.3.1.1, < 3.0)
      powerpack (~> 0.1)
      rainbow (>= 1.99.1, < 3.0)
      ruby-progressbar (~> 1.7)
      unicode-display_width (~> 1.0, >= 1.0.1)
    ruby-progressbar (1.8.1)
    safe_yaml (1.0.4)
    serverspec (2.38.0)
      multi_json
      rspec (~> 3.0)
      rspec-its
      specinfra (~> 2.53)
    sfl (2.3)
    slop (3.6.0)
    specinfra (2.66.4)
      net-scp
      net-ssh (>= 2.7, < 5.0)
      net-telnet
      sfl
    unicode-display_width (1.1.2)
    wirble (0.1.3)
    yard (0.9.8)

PLATFORMS
  ruby

DEPENDENCIES
  bundler (~> 1.11)!
  pry!
  puppet (< 4)!
  puppetlabs_spec_helper!
  rake (~> 10.0)!
  rubocop!
  safe_yaml!
  serverspec!
  wirble!
  yard!

BUNDLED WITH
   1.13.7
